GEM
  remote: http://rubygems.org/
  specs:
    ffmpeg (0.2.5)

PLATFORMS
  ruby

DEPENDENCIES
  ffmpeg

BUNDLED WITH
   1.15.3
