GEM
  remote: http://rubygems.org/
  specs:
    ffmpeg (0.2.5)
    viddl (0.0.13)

PLATFORMS
  ruby

DEPENDENCIES
  ffmpeg
  viddl

BUNDLED WITH
   1.15.3
