PATH
  remote: ../fit
  specs:
    fit-parser (0.0.2)
      activesupport (~> 4.2.0)
      bindata (~> 2.1.0)

GEM
  remote: http://rubygems.org/
  specs:
    activesupport (4.2.9)
      i18n (~> 0.7)
      minitest (~> 5.1)
      thread_safe (~> 0.3, >= 0.3.4)
      tzinfo (~> 1.1)
    bindata (2.1.0)
    exif (1.0.1)
    ffmpeg (0.2.5)
    ffprober (0.5.1)
    i18n (0.8.6)
    minitest (5.10.3)
    thread_safe (0.3.6)
    tzinfo (1.2.3)
      thread_safe (~> 0.1)
    viddl (0.0.13)

PLATFORMS
  ruby

DEPENDENCIES
  exif
  ffmpeg
  ffprober
  fit-parser!
  viddl

BUNDLED WITH
   1.15.3
